GEM
  remote: https://rubygems.org/
  specs:
    activemodel (3.2.9)
      activesupport (= 3.2.9)
      builder (~> 3.0.0)
    activeresource (3.2.9)
      activemodel (= 3.2.9)
      activesupport (= 3.2.9)
    activesupport (3.2.9)
      i18n (~> 0.6)
      multi_json (~> 1.0)
    basecamp (0.0.9)
      activeresource (>= 2.3.0)
      oauth2
      xml-simple
    builder (3.0.4)
    faraday (0.8.4)
      multipart-post (~> 1.1)
    highline (1.6.15)
    hpricot (0.8.6)
    httpauth (0.2.0)
    httpclient (2.3.1)
    i18n (0.6.1)
    jwt (0.1.5)
      multi_json (>= 1.0)
    multi_json (1.5.0)
    multipart-post (1.1.5)
    oauth2 (0.8.0)
      faraday (~> 0.8)
      httpauth (~> 0.1)
      jwt (~> 0.1.4)
      multi_json (~> 1.0)
      rack (~> 1.2)
    progressbar (0.12.0)
    rack (1.4.1)
    xml-simple (1.1.2)

PLATFORMS
  ruby

DEPENDENCIES
  basecamp
  highline
  hpricot
  httpclient
  progressbar
